GEM
  specs:
    byebug (11.1.3)
    chunky_png (1.3.15)
    coderay (1.1.3)
    method_source (1.1.0)
    oily_png (1.2.1)
      chunky_png (~> 1.3.7)
    pry (0.14.2)
      coderay (~> 1.1)
      method_source (~> 1.0)
    pry-byebug (3.10.1)
      byebug (~> 11.0)
      pry (>= 0.13, < 0.15)

PLATFORMS
  ruby
  x86_64-linux

DEPENDENCIES
  oily_png
  pry-byebug

BUNDLED WITH
   2.5.11
